GIT
  remote: https://github.com/jkraemer/mail-gpg
  revision: 6092808927d778963fcd28b2c0f5e95c05862a75
  specs:
    mail-gpg (0.2.0)
      gpgme (~> 2.0, >= 2.0.2)
      mail (~> 2.5, >= 2.5.3)

GEM
  remote: https://rubygems.org/
  specs:
    activemodel (4.1.4)
      activesupport (= 4.1.4)
      builder (~> 3.1)
    activerecord (4.1.4)
      activemodel (= 4.1.4)
      activesupport (= 4.1.4)
      arel (~> 5.0.0)
    activesupport (4.1.4)
      i18n (~> 0.6, >= 0.6.9)
      json (~> 1.7, >= 1.7.7)
      minitest (~> 5.1)
      thread_safe (~> 0.1)
      tzinfo (~> 1.1)
    arel (5.0.1.20140414130214)
    builder (3.2.2)
    gpgme (2.0.6)
      mini_portile (>= 0.5.0, <= 0.6.0)
    i18n (0.6.11)
    json (1.8.1)
    mail (2.6.1)
      mime-types (>= 1.16, < 3)
    mime-types (2.3)
    mini_portile (0.6.0)
    minitest (5.4.0)
    sqlite3 (1.3.9)
    thread_safe (0.3.4)
    tzinfo (1.2.1)
      thread_safe (~> 0.1)

PLATFORMS
  ruby

DEPENDENCIES
  activerecord (~> 4.1.0)
  mail-gpg!
  sqlite3
